PATH
  remote: .
  specs:
    sudokku_cli (0.1.0)

GEM
  remote: https://rubygems.org/
  specs:
    minitest (5.17.0)
    rake (13.0.6)

PLATFORMS
  x86_64-linux

DEPENDENCIES
  minitest (~> 5.0)
  rake (~> 13.0)
  sudokku_cli!

BUNDLED WITH
   2.4.12
