PATH
  remote: .
  specs:
    sudokku_cli (0.1.7)
      dotenv
      json
      net-http
      netrc
      open-uri

GEM
  remote: https://rubygems.org/
  specs:
    addressable (2.8.4)
      public_suffix (>= 2.0.2, < 6.0)
    date (3.3.3)
    dotenv (2.8.1)
    json (2.6.1)
    launchy (2.5.2)
      addressable (~> 2.8)
    minitest (5.17.0)
    net-http (0.2.0)
      net-protocol
      uri
    net-protocol (0.2.1)
      timeout
    netrc (0.11.0)
    open-uri (0.2.0)
      stringio
      time
      uri
    public_suffix (5.0.3)
    rake (13.0.6)
    stringio (3.0.1)
    time (0.2.0)
      date
    timeout (0.3.2)
    uri (0.11.0)

PLATFORMS
  x86_64-linux

DEPENDENCIES
  dotenv
  launchy
  minitest (~> 5.0)
  rake (~> 13.0)
  sudokku_cli!

BUNDLED WITH
   2.4.12
